PATH
  remote: ../parser
  specs:
    r3d6-parser (1.0.0)

GEM
  remote: https://rubygems.org/
  specs:
    nio4r (2.5.4)
    puma (5.1.1)
      nio4r (~> 2.0)
    rack (2.2.3)
    roda (3.41.0)
      rack

PLATFORMS
  x86_64-linux

DEPENDENCIES
  puma (~> 5.1)
  r3d6-parser!
  roda (~> 3.41)

BUNDLED WITH
   2.2.4
